GEM
  remote: https://rubygems.org/
  specs:
    diff-lcs (1.1.3)
    kgio (2.7.4)
    newrelic_rpm (3.5.2.17)
    nokogiri (1.5.5)
    rack (1.4.1)
    rack-ermahgerd (0.0.3)
      nokogiri
    raindrops (0.10.0)
    rake (10.0.2)
    rspec (2.12.0)
      rspec-core (~> 2.12.0)
      rspec-expectations (~> 2.12.0)
      rspec-mocks (~> 2.12.0)
    rspec-core (2.12.1)
    rspec-expectations (2.12.0)
      diff-lcs (~> 1.1.3)
    rspec-mocks (2.12.0)
    unicorn (4.4.0)
      kgio (~> 2.6)
      rack
      raindrops (~> 0.7)

PLATFORMS
  ruby

DEPENDENCIES
  newrelic_rpm
  rack
  rack-ermahgerd
  rake
  rspec
  unicorn
