GEM
  remote: https://rubygems.org/
  specs:
    diff-lcs (1.1.3)
    nokogiri (1.5.5)
    rack (1.4.1)
    rack-ermahgerd (0.0.3)
      nokogiri
    rake (10.0.2)
    rspec (2.12.0)
      rspec-core (~> 2.12.0)
      rspec-expectations (~> 2.12.0)
      rspec-mocks (~> 2.12.0)
    rspec-core (2.12.1)
    rspec-expectations (2.12.0)
      diff-lcs (~> 1.1.3)
    rspec-mocks (2.12.0)

PLATFORMS
  ruby

DEPENDENCIES
  rack
  rack-ermahgerd
  rake
  rspec
